{
  "PowerLineFrequency": 50,
  "SoftwareFilters": {
    "FilterDescription": {
      "Description": "High-pass 1 Hz, Low-pass 40 Hz"
    }
  },
  "HardwareFilters": {
    "FilterDescription": {
      "Description": "High-pass 0.1 Hz, Low-pass 100 Hz"
    }
  },
  "SoftwareVersions": "The NeuSen W Wireless EEG Acquisition System",
  "DeviceSerialNumber": "47170089",
  "ManufacturersModelName": "NSW364",
  "Manufacturer": "Neuracle",
  "EEGPlacementScheme": "10-20",
  "EEGGround": "AFz",
  "EEGReference": "CPz",
  "CapManufacturersModelName": "EEGCap64-V3.0",
  "CapManufacturer": "Neuracle",
  "InstitutionAddress": "Changchun, China",
  "InstitutionalDepartmentName": "School of Computer Science and Technology",
  "InstitutionName": "University of Changchun Science and Technology",
  "Instructions": "Please remain still and keep your eyes open during the recording.",
  "TaskDescription": "Each participant was required to complete watching 2 resting scenes and 15 movement scenes.  Each movement scene was asked to watch stereoscopic depth movements, with movement speed set at 3.25 m/s. Each resting scene takes about 5 minutes (300s).",
  "TaskName": "WatchingTask",
  "MiscChannelCount": 64,
  "RecordingType": "continuous",
  "RecordingDuration": 5410,
  "SamplingFrequency": 1000,
  "EEGChannelCount": 64,
  "EOGChannelCount": 0,
  "ECGChannelCount": 0,
  "EMGChannelCount": 0
}